PATH
  remote: .
  specs:
    rapporteur (3.7.1)
      i18n (>= 0.6, < 2)

GEM
  remote: https://rubygems.org/
  specs:
    actioncable (6.1.2)
      actionpack (= 6.1.2)
      activesupport (= 6.1.2)
      nio4r (~> 2.0)
      websocket-driver (>= 0.6.1)
    actionmailbox (6.1.2)
      actionpack (= 6.1.2)
      activejob (= 6.1.2)
      activerecord (= 6.1.2)
      activestorage (= 6.1.2)
      activesupport (= 6.1.2)
      mail (>= 2.7.1)
    actionmailer (6.1.2)
      actionpack (= 6.1.2)
      actionview (= 6.1.2)
      activejob (= 6.1.2)
      activesupport (= 6.1.2)
      mail (~> 2.5, >= 2.5.4)
      rails-dom-testing (~> 2.0)
    actionpack (6.1.2)
      actionview (= 6.1.2)
      activesupport (= 6.1.2)
      rack (~> 2.0, >= 2.0.9)
      rack-test (>= 0.6.3)
      rails-dom-testing (~> 2.0)
      rails-html-sanitizer (~> 1.0, >= 1.2.0)
    actiontext (6.1.2)
      actionpack (= 6.1.2)
      activerecord (= 6.1.2)
      activestorage (= 6.1.2)
      activesupport (= 6.1.2)
      nokogiri (>= 1.8.5)
    actionview (6.1.2)
      activesupport (= 6.1.2)
      builder (~> 3.1)
      erubi (~> 1.4)
      rails-dom-testing (~> 2.0)
      rails-html-sanitizer (~> 1.1, >= 1.2.0)
    activejob (6.1.2)
      activesupport (= 6.1.2)
      globalid (>= 0.3.6)
    activemodel (6.1.2)
      activesupport (= 6.1.2)
    activerecord (6.1.2)
      activemodel (= 6.1.2)
      activesupport (= 6.1.2)
    activerecord-jdbc-adapter (61.0-java)
      activerecord (~> 6.1.0)
    activerecord-jdbcsqlite3-adapter (61.0-java)
      activerecord-jdbc-adapter (= 61.0)
      jdbc-sqlite3 (~> 3.8, < 3.30)
    activestorage (6.1.2)
      actionpack (= 6.1.2)
      activejob (= 6.1.2)
      activerecord (= 6.1.2)
      activesupport (= 6.1.2)
      marcel (~> 0.3.1)
      mimemagic (~> 0.3.2)
    activesupport (6.1.2)
      concurrent-ruby (~> 1.0, >= 1.0.2)
      i18n (>= 1.6, < 2)
      minitest (>= 5.1)
      tzinfo (~> 2.0)
      zeitwerk (~> 2.3)
    appraisal (2.3.0)
      bundler
      rake
      thor (>= 0.14.0)
    ast (2.4.2)
    builder (3.2.4)
    combustion (1.3.1)
      activesupport (>= 3.0.0)
      railties (>= 3.0.0)
      thor (>= 0.14.6)
    concurrent-ruby (1.1.8)
    crass (1.0.6)
    diff-lcs (1.4.4)
    erubi (1.10.0)
    globalid (0.4.2)
      activesupport (>= 4.2.0)
    i18n (1.8.8)
      concurrent-ruby (~> 1.0)
    jdbc-sqlite3 (3.28.0)
    loofah (2.9.0)
      crass (~> 1.0.2)
      nokogiri (>= 1.5.9)
    mail (2.7.1)
      mini_mime (>= 0.1.1)
    marcel (0.3.3)
      mimemagic (~> 0.3.2)
    method_source (1.0.0)
    mimemagic (0.3.5)
    mini_mime (1.0.2)
    mini_portile2 (2.5.0)
    minitest (5.14.3)
    nio4r (2.5.5)
    nio4r (2.5.5-java)
    nokogiri (1.11.1)
      mini_portile2 (~> 2.5.0)
      racc (~> 1.4)
    nokogiri (1.11.1-java)
      racc (~> 1.4)
    parallel (1.20.1)
    parser (3.0.0.0)
      ast (~> 2.4.1)
    racc (1.5.2)
    racc (1.5.2-java)
    rack (2.2.3)
    rack-test (1.1.0)
      rack (>= 1.0, < 3)
    rails (6.1.2)
      actioncable (= 6.1.2)
      actionmailbox (= 6.1.2)
      actionmailer (= 6.1.2)
      actionpack (= 6.1.2)
      actiontext (= 6.1.2)
      actionview (= 6.1.2)
      activejob (= 6.1.2)
      activemodel (= 6.1.2)
      activerecord (= 6.1.2)
      activestorage (= 6.1.2)
      activesupport (= 6.1.2)
      bundler (>= 1.15.0)
      railties (= 6.1.2)
      sprockets-rails (>= 2.0.0)
    rails-dom-testing (2.0.3)
      activesupport (>= 4.2.0)
      nokogiri (>= 1.6)
    rails-html-sanitizer (1.3.0)
      loofah (~> 2.3)
    railties (6.1.2)
      actionpack (= 6.1.2)
      activesupport (= 6.1.2)
      method_source
      rake (>= 0.8.7)
      thor (~> 1.0)
    rainbow (3.0.0)
    rake (13.0.3)
    regexp_parser (2.0.3)
    rexml (3.2.4)
    rspec-collection_matchers (1.2.0)
      rspec-expectations (>= 2.99.0.beta1)
    rspec-core (3.10.1)
      rspec-support (~> 3.10.0)
    rspec-expectations (3.10.1)
      diff-lcs (>= 1.2.0, < 2.0)
      rspec-support (~> 3.10.0)
    rspec-mocks (3.10.2)
      diff-lcs (>= 1.2.0, < 2.0)
      rspec-support (~> 3.10.0)
    rspec-rails (4.0.2)
      actionpack (>= 4.2)
      activesupport (>= 4.2)
      railties (>= 4.2)
      rspec-core (~> 3.10)
      rspec-expectations (~> 3.10)
      rspec-mocks (~> 3.10)
      rspec-support (~> 3.10)
    rspec-support (3.10.2)
    rubocop (1.9.1)
      parallel (~> 1.10)
      parser (>= 3.0.0.0)
      rainbow (>= 2.2.2, < 4.0)
      regexp_parser (>= 1.8, < 3.0)
      rexml
      rubocop-ast (>= 1.2.0, < 2.0)
      ruby-progressbar (~> 1.7)
      unicode-display_width (>= 1.4.0, < 3.0)
    rubocop-ast (1.4.1)
      parser (>= 2.7.1.5)
    rubocop-packaging (0.5.1)
      rubocop (>= 0.89, < 2.0)
    rubocop-performance (1.9.2)
      rubocop (>= 0.90.0, < 2.0)
      rubocop-ast (>= 0.4.0)
    rubocop-rails (2.9.1)
      activesupport (>= 4.2.0)
      rack (>= 1.1)
      rubocop (>= 0.90.0, < 2.0)
    rubocop-rails_config (1.3.0)
      railties (>= 5.0)
      rubocop (>= 1.8)
      rubocop-ast (>= 1.0.1)
      rubocop-packaging (~> 0.5)
      rubocop-performance (~> 1.3)
      rubocop-rails (~> 2.0)
    ruby-progressbar (1.11.0)
    sprockets (4.0.2)
      concurrent-ruby (~> 1.0)
      rack (> 1, < 3)
    sprockets-rails (3.2.2)
      actionpack (>= 4.0)
      activesupport (>= 4.0)
      sprockets (>= 3.0.0)
    sqlite3 (1.4.2)
    thor (1.1.0)
    tzinfo (2.0.4)
      concurrent-ruby (~> 1.0)
    unicode-display_width (2.0.0)
    websocket-driver (0.7.3)
      websocket-extensions (>= 0.1.0)
    websocket-driver (0.7.3-java)
      websocket-extensions (>= 0.1.0)
    websocket-extensions (0.1.5)
    zeitwerk (2.4.2)

PLATFORMS
  java
  ruby

DEPENDENCIES
  activerecord-jdbcsqlite3-adapter
  appraisal (~> 2.1)
  bundler (~> 2.0)
  combustion (~> 1.0)
  rails (>= 3.1, < 7)
  rake (~> 13.0)
  rapporteur!
  rspec-collection_matchers (~> 1.0)
  rspec-rails (~> 4.0)
  rubocop (~> 1.0)
  rubocop-rails_config (~> 1.0)
  sqlite3

BUNDLED WITH
   2.2.4
